GEM
  remote: http://rubygems.org/
  specs:
    daemons (1.1.2)
    eventmachine (0.12.10)
    haml (3.0.25)
    rack (1.2.2)
    rack-fiber_pool (0.9.1)
    sinatra (1.2.3)
      rack (~> 1.1)
      tilt (>= 1.2.2, < 2.0)
    thin (1.2.11)
      daemons (>= 1.0.9)
      eventmachine (>= 0.12.6)
      rack (>= 1.0.0)
    tilt (1.2.2)

PLATFORMS
  ruby

DEPENDENCIES
  haml
  rack-fiber_pool
  sinatra
  thin
